GEM
  remote: https://rubygems.org/
  specs:
    aws-sdk (1.40.3)
      json (~> 1.4)
      nokogiri (>= 1.4.4)
    dotenv (0.11.1)
      dotenv-deployment (~> 0.0.2)
    dotenv-deployment (0.0.2)
    httparty (0.13.1)
      json (~> 1.8)
      multi_xml (>= 0.5.2)
    json (1.8.1)
    mini_portile (0.6.0)
    multi_xml (0.5.5)
    nokogiri (1.6.2.1)
      mini_portile (= 0.6.0)
    rack (1.5.2)

PLATFORMS
  ruby

DEPENDENCIES
  aws-sdk (~> 1.40.3)
  dotenv (~> 0.11.1)
  httparty
  nokogiri (~> 1.6.2)
  rack
